GEM
  remote: https://rubygems.org/
  specs:
    crass (1.0.4)
    mini_portile2 (2.4.0)
    mustermann (1.0.3)
    nokogiri (1.10.1)
      mini_portile2 (~> 2.4.0)
    nokogumbo (2.0.1)
      nokogiri (~> 1.8, >= 1.8.4)
    parseconfig (1.0.8)
    rack (2.0.6)
    rack-protection (2.0.5)
      rack
    sanitize (5.0.0)
      crass (~> 1.0.2)
      nokogiri (>= 1.8.0)
      nokogumbo (~> 2.0)
    sequel (5.16.0)
    sinatra (2.0.5)
      mustermann (~> 1.0)
      rack (~> 2.0)
      rack-protection (= 2.0.5)
      tilt (~> 2.0)
    sqlite3 (1.3.13)
    tilt (2.0.9)

PLATFORMS
  ruby

DEPENDENCIES
  parseconfig
  sanitize
  sequel
  sinatra
  sqlite3

BUNDLED WITH
   1.17.3
